GIT
  remote: git://github.com/dwilkie/currencies.git
  revision: f6da599e6a6d74b2588806498111970e8dbed090
  specs:
    currencies (0.4.0)

PATH
  remote: .
  specs:
    countries (0.9.1)
      country_select (>= 1.1.3)
      currencies (>= 0.4.0)

GEM
  remote: https://rubygems.org/
  specs:
    country_select (1.2.0)
    diff-lcs (1.2.5)
    rake (10.1.1)
    rspec (2.14.1)
      rspec-core (~> 2.14.0)
      rspec-expectations (~> 2.14.0)
      rspec-mocks (~> 2.14.0)
    rspec-core (2.14.7)
    rspec-expectations (2.14.4)
      diff-lcs (>= 1.1.3, < 2.0)
    rspec-mocks (2.14.4)
    yard (0.8.7.3)

PLATFORMS
  ruby

DEPENDENCIES
  countries!
  country_select
  currencies!
  rake
  rspec
  yard
